GEM
  remote: http://rubygems.org/
  specs:
    builder (3.1.4)
    jwt (0.1.5)
      multi_json (>= 1.0)
    multi_json (1.6.1)
    rack (1.5.2)
    rack-protection (1.3.2)
      rack
    sinatra (1.3.4)
      rack (~> 1.4)
      rack-protection (~> 1.3)
      tilt (~> 1.3, >= 1.3.3)
    tilt (1.3.3)
    twilio-ruby (3.9.0)
      builder (>= 2.1.2)
      jwt (>= 0.1.2)
      multi_json (>= 1.3.0)

PLATFORMS
  ruby

DEPENDENCIES
  builder
  sinatra
  twilio-ruby
